GEM
  remote: http://rubygems.org/
  specs:
    abstract (1.0.0)
    actionmailer (3.0.10)
      actionpack (= 3.0.10)
      mail (~> 2.2.19)
    actionpack (3.0.10)
      activemodel (= 3.0.10)
      activesupport (= 3.0.10)
      builder (~> 2.1.2)
      erubis (~> 2.6.6)
      i18n (~> 0.5.0)
      rack (~> 1.2.1)
      rack-mount (~> 0.6.14)
      rack-test (~> 0.5.7)
      tzinfo (~> 0.3.23)
    activemodel (3.0.10)
      activesupport (= 3.0.10)
      builder (~> 2.1.2)
      i18n (~> 0.5.0)
    activerecord (3.0.10)
      activemodel (= 3.0.10)
      activesupport (= 3.0.10)
      arel (~> 2.0.10)
      tzinfo (~> 0.3.23)
    activeresource (3.0.10)
      activemodel (= 3.0.10)
      activesupport (= 3.0.10)
    activesupport (3.0.10)
    acts-as-taggable-on (2.1.1)
      rails
    arel (2.0.10)
    barometer (0.7.3)
      httparty (>= 0.4.5)
      nokogiri
      tzinfo (>= 0.3.14)
    bcrypt-ruby (3.0.1)
    builder (2.1.2)
    cancan (1.6.7)
    capybara (1.1.1)
      mime-types (>= 1.16)
      nokogiri (>= 1.3.3)
      rack (>= 1.0.0)
      rack-test (>= 0.5.4)
      selenium-webdriver (~> 2.0)
      xpath (~> 0.1.4)
    childprocess (0.2.2)
      ffi (~> 1.0.6)
    chronic (0.6.4)
    color (1.4.1)
    cucumber (1.1.1)
      builder (>= 2.1.2)
      diff-lcs (>= 1.1.2)
      gherkin (~> 2.6.0)
      json (>= 1.4.6)
      term-ansicolor (>= 1.0.6)
    cucumber-rails (1.1.1)
      capybara (>= 1.1.1)
      cucumber (>= 1.1.0)
      nokogiri (>= 1.5.0)
    devise (1.4.7)
      bcrypt-ruby (~> 3.0)
      orm_adapter (~> 0.0.3)
      warden (~> 1.0.3)
    diff-lcs (1.1.3)
    erubis (2.6.6)
      abstract (>= 1.0.0)
    factory_girl (2.2.0)
      activesupport
    ffi (1.0.9)
    formtastic (2.0.0)
      rails (~> 3.0)
    gdata (1.1.2)
    gherkin (2.6.2)
      json (>= 1.4.6)
    haml (3.1.3)
    haml-rails (0.3.4)
      actionpack (~> 3.0)
      activesupport (~> 3.0)
      haml (~> 3.0)
      railties (~> 3.0)
    handles_sortable_columns (0.1.3)
    hpricot (0.8.4)
    httparty (0.8.0)
      multi_json
      multi_xml
    i18n (0.5.0)
    isbndb (1.5.5)
      activesupport
      i18n
      libxml-ruby (>= 1.1.4)
      rake
      rdoc
    jquery-rails (1.0.14)
      railties (~> 3.0)
      thor (~> 0.14)
    json (1.6.1)
    json_pure (1.6.1)
    libxml-ruby (2.2.2)
    mail (2.2.19)
      activesupport (>= 2.3.6)
      i18n (>= 0.4.0)
      mime-types (~> 1.16)
      treetop (~> 1.4.8)
    mechanize (2.0.1)
      net-http-digest_auth (~> 1.1, >= 1.1.1)
      net-http-persistent (~> 1.8)
      nokogiri (~> 1.4)
      webrobots (~> 0.0, >= 0.0.9)
    mime-types (1.16)
    multi_json (1.0.3)
    multi_xml (0.4.1)
    mysql (2.8.1)
    net-http-digest_auth (1.1.1)
    net-http-persistent (1.9)
    nokogiri (1.5.0)
    orm_adapter (0.0.5)
    polyglot (0.3.2)
    rack (1.2.4)
    rack-mount (0.6.14)
      rack (>= 1.0.0)
    rack-test (0.5.7)
      rack (>= 1.0)
    rails (3.0.10)
      actionmailer (= 3.0.10)
      actionpack (= 3.0.10)
      activerecord (= 3.0.10)
      activeresource (= 3.0.10)
      activesupport (= 3.0.10)
      bundler (~> 1.0)
      railties (= 3.0.10)
    rails3-jquery-autocomplete (1.0.4)
      rails (~> 3.0)
    railties (3.0.10)
      actionpack (= 3.0.10)
      activesupport (= 3.0.10)
      rake (>= 0.8.7)
      rdoc (~> 3.4)
      thor (~> 0.14.4)
    rake (0.9.2)
    rdoc (3.9.4)
    rspec (2.7.0)
      rspec-core (~> 2.7.0)
      rspec-expectations (~> 2.7.0)
      rspec-mocks (~> 2.7.0)
    rspec-core (2.7.1)
    rspec-expectations (2.7.0)
      diff-lcs (~> 1.1.2)
    rspec-mocks (2.7.0)
    rspec-rails (2.7.0)
      actionpack (~> 3.0)
      activesupport (~> 3.0)
      railties (~> 3.0)
      rspec (~> 2.7.0)
    ruby_parser (2.3.1)
      sexp_processor (~> 3.0)
    rubyzip (0.9.4)
    sass (3.1.7)
    selenium-webdriver (2.10.0)
      childprocess (>= 0.2.1)
      ffi (= 1.0.9)
      json_pure
      rubyzip
    settingslogic (2.0.6)
    sexp_processor (3.0.7)
    sqlite3 (1.3.4)
    term-ansicolor (1.0.7)
    thor (0.14.6)
    treetop (1.4.10)
      polyglot
      polyglot (>= 0.3.1)
    tzinfo (0.3.29)
    warden (1.0.5)
      rack (>= 1.0)
    web-app-theme (0.7.0)
    webrat (0.7.3)
      nokogiri (>= 1.2.0)
      rack (>= 1.0)
      rack-test (>= 0.5.3)
    webrobots (0.0.12)
      nokogiri (>= 1.4.4)
    workflow (0.8.1)
    xpath (0.1.4)
      nokogiri (~> 1.3)
    yaml_db (0.2.2)

PLATFORMS
  ruby

DEPENDENCIES
  acts-as-taggable-on (~> 2.1.0)
  barometer
  cancan
  chronic
  color
  cucumber
  cucumber-rails
  devise
  factory_girl
  formtastic
  gdata
  haml
  haml-rails
  handles_sortable_columns
  hpricot
  isbndb
  jquery-rails
  mechanize
  mysql
  rails (= 3.0.10)
  rails3-jquery-autocomplete
  rspec
  rspec-rails
  ruby_parser
  sass
  settingslogic
  sqlite3
  web-app-theme
  webrat
  workflow
  yaml_db
